GEM
  remote: https://rubygems.org/
  specs:
    RedCloth (4.2.9)
    rake (13.0.6)

PLATFORMS
  ruby

DEPENDENCIES
  RedCloth
  rake

RUBY VERSION
   ruby 2.7.6p219

BUNDLED WITH
   2.1.4
